GEM
  remote: http://rubygems.org/
  specs:
    actionmailer (2.3.11)
      actionpack (= 2.3.11)
    actionpack (2.3.11)
      activesupport (= 2.3.11)
      rack (~> 1.1.0)
    activerecord (2.3.11)
      activesupport (= 2.3.11)
    activeresource (2.3.11)
      activesupport (= 2.3.11)
    activesupport (2.3.11)
    authlogic (2.1.3)
      activesupport
    aws-s3 (0.6.2)
      builder
      mime-types
      xml-simple
    bluecloth (2.0.10)
    builder (2.1.2)
    childprocess (0.1.7)
      ffi (~> 0.6.3)
    closure-compiler (1.1.1)
    columnize (0.3.2)
    compass (0.10.5)
      haml (>= 3.0.4)
    daemons (1.1.0)
    diff-lcs (1.1.2)
    erubis (2.7.0)
    facebooker (1.0.75)
      json_pure (>= 1.0.0)
    fastercsv (1.5.3)
    ffi (0.6.3)
      rake (>= 0.8.7)
    fssm (0.2.6.1)
    hairtrigger (0.1.6)
      activerecord (< 3.0, >= 2.3.0)
      activerecord (< 3.0, >= 2.3.0)
    haml (3.0.22)
    hashery (1.3.0)
    highline (1.6.1)
    hpricot (0.8.2)
    httpclient (2.2.0)
    i18n (0.5.0)
    icalendar (1.1.5)
    jammit (0.6.0)
      closure-compiler (>= 0.1.0)
      yui-compressor (>= 0.9.1)
    json (1.5.1)
    json_pure (1.5.1)
    libxml-ruby (1.1.3)
    linecache (0.43)
    macaddr (1.0.0)
    mail (2.2.15)
      activesupport (>= 2.3.6)
      i18n (>= 0.4.0)
      mime-types (~> 1.16)
      treetop (~> 1.4.8)
    maildir (1.0.0)
    mailman (0.4.0)
      activesupport (>= 2.3.4)
      fssm (>= 0.1.4)
      i18n (>= 0.4.1)
      mail (>= 2.0.3)
      maildir (>= 0.5.0)
    mime-types (1.16)
    mini_magick (1.3.2)
      subexec (~> 0.0.4)
    nokogiri (1.4.1)
    oauth (0.3.4)
      ruby-hmac (>= 0.3.1)
    polyglot (0.3.1)
    rack (1.1.2)
    rack-test (0.5.7)
      rack (>= 1.0)
    rails (2.3.11)
      actionmailer (= 2.3.11)
      actionpack (= 2.3.11)
      activerecord (= 2.3.11)
      activeresource (= 2.3.11)
      activesupport (= 2.3.11)
      rake (>= 0.8.3)
    rake (0.8.7)
    ratom (0.6.7)
      libxml-ruby (>= 1.1.2)
    rcov (0.9.9)
    recaptcha (0.3.1)
    redis (2.2.0)
    redis-store (1.0.0.beta4)
      redis (>= 2.0.0)
      redis (>= 2.0.0)
    rscribd (1.2.0)
      mime-types
    rspec (1.3.1)
    rspec-rails (1.3.3)
      rack (>= 1.0.0)
      rspec (= 1.3.1)
    ruby-debug (0.10.4)
      columnize (>= 0.1)
      ruby-debug-base (~> 0.10.4.0)
    ruby-debug-base (0.10.4)
      linecache (>= 0.3)
    ruby-hmac (0.4.0)
    ruby-net-ldap (0.0.4)
    ruby-saml-mod (0.1.0)
    rubycas-client (2.2.1)
      activesupport
    rubyzip (0.9.4)
    rufus-scheduler (2.0.6)
    sanitize (1.2.1)
      nokogiri (~> 1.4.1)
    selenium-webdriver (0.1.3)
      childprocess (~> 0.1.5)
      ffi (~> 0.6.3)
      json_pure
      rubyzip
    soap4r (1.5.8)
      httpclient (>= 2.1.1)
    soap4r-middleware (0.8.2)
      soap4r (~> 1.5)
    sqlite3-ruby (1.3.2)
    stringex (1.2.1)
    subexec (0.0.4)
    treetop (1.4.9)
      polyglot (>= 0.3.1)
    uuid (2.3.1)
      macaddr (~> 1.0)
    webrat (0.7.2)
      nokogiri (>= 1.2.0)
      rack (>= 1.0)
      rack-test (>= 0.5.3)
    will_paginate (2.3.15)
    xml-simple (1.0.12)
    yard (0.6.3)
    yui-compressor (0.9.4)

PLATFORMS
  ruby

DEPENDENCIES
  authlogic (= 2.1.3)
  aws-s3 (= 0.6.2)
  bluecloth (= 2.0.10)
  builder (= 2.1.2)
  compass (= 0.10.5)
  daemons (= 1.1.0)
  diff-lcs (= 1.1.2)
  erubis (= 2.7.0)
  facebooker (= 1.0.75)
  fastercsv (= 1.5.3)
  hairtrigger (= 0.1.6)
  haml (= 3.0.22)
  hashery (= 1.3.0)
  highline (= 1.6.1)
  hpricot (= 0.8.2)
  icalendar (= 1.1.5)
  jammit (= 0.6.0)
  json (= 1.5.1)
  libxml-ruby (= 1.1.3)
  mailman (= 0.4.0)
  mime-types (= 1.16)
  mini_magick (= 1.3.2)
  nokogiri (= 1.4.1)
  oauth (= 0.3.4)
  rack (~> 1.1.2)
  rails (= 2.3.11)
  ratom (= 0.6.7)
  rcov (= 0.9.9)
  recaptcha (= 0.3.1)
  redis-store (= 1.0.0.beta4)
  rscribd (= 1.2.0)
  rspec (= 1.3.1)
  rspec-rails (= 1.3.3)
  ruby-debug (= 0.10.4)
  ruby-net-ldap (= 0.0.4)
  ruby-saml-mod (= 0.1.0)
  rubycas-client (= 2.2.1)
  rubyzip (= 0.9.4)
  rufus-scheduler (= 2.0.6)
  sanitize (= 1.2.1)
  selenium-webdriver (= 0.1.3)
  soap4r-middleware (= 0.8.2)
  sqlite3-ruby (= 1.3.2)
  stringex
  uuid (= 2.3.1)
  webrat (= 0.7.2)
  will_paginate (= 2.3.15)
  xml-simple (= 1.0.12)
  yard (= 0.6.3)
  yui-compressor (= 0.9.4)
